GEM
  remote: https://rubygems.org/
  specs:
    coderay (1.1.1)
    method_source (0.8.2)
    pry (0.10.3)
      coderay (~> 1.1.0)
      method_source (~> 0.8.1)
      slop (~> 3.4)
    rake (11.1.2)
    slop (3.6.0)
    turf (1.3.0)

PLATFORMS
  ruby

DEPENDENCIES
  pry
  rake
  turf

BUNDLED WITH
   1.11.2
